GEM
  remote: https://rubygems.org/
  specs:
    cinch (1.1.3)
    crack (0.1.8)
    multi_json (1.1.0)
    pusher (0.8.3)
      crack (~> 0.1.0)
      multi_json (~> 1.0)
      ruby-hmac (~> 0.4.0)
      signature (~> 0.1.2)
    ruby-hmac (0.4.0)
    signature (0.1.2)
      ruby-hmac

PLATFORMS
  ruby
  x86-mingw32

DEPENDENCIES
  cinch
  pusher
