GEM
  remote: https://rubygems.org/
  specs:
    cinch (1.1.3)
    multi_json (1.1.0)
    pusher (0.9.2)
      multi_json (~> 1.0)
      ruby-hmac (~> 0.4.0)
      signature (~> 0.1.2)
    ruby-hmac (0.4.0)
    signature (0.1.2)
      ruby-hmac

PLATFORMS
  ruby

DEPENDENCIES
  cinch
  pusher
